GEM
  remote: https://rubygems.org/
  specs:
    dotenv (2.7.6)
    faraday (1.0.1)
      multipart-post (>= 1.2, < 3)
    faraday_curl (0.0.2)
      faraday (>= 0.9.0)
    faraday_middleware (1.0.0)
      faraday (~> 1.0)
    hashie (4.1.0)
    multipart-post (2.1.1)
    pixela (2.0.0)
      faraday (>= 1.0.0)
      faraday_curl
      faraday_middleware
      hashie

PLATFORMS
  ruby

DEPENDENCIES
  dotenv
  faraday
  pixela

BUNDLED WITH
   2.1.4
