GEM
  remote: https://rubygems.org/
  specs:
    diff-lcs (1.4.4)
    dotenv (2.7.6)
    faraday (1.0.1)
      multipart-post (>= 1.2, < 3)
    faraday_curl (0.0.2)
      faraday (>= 0.9.0)
    faraday_middleware (1.0.0)
      faraday (~> 1.0)
    hashie (4.1.0)
    multipart-post (2.1.1)
    pixela (2.0.0)
      faraday (>= 1.0.0)
      faraday_curl
      faraday_middleware
      hashie
    rspec (3.10.0)
      rspec-core (~> 3.10.0)
      rspec-expectations (~> 3.10.0)
      rspec-mocks (~> 3.10.0)
    rspec-core (3.10.1)
      rspec-support (~> 3.10.0)
    rspec-expectations (3.10.1)
      diff-lcs (>= 1.2.0, < 2.0)
      rspec-support (~> 3.10.0)
    rspec-mocks (3.10.2)
      diff-lcs (>= 1.2.0, < 2.0)
      rspec-support (~> 3.10.0)
    rspec-support (3.10.2)

PLATFORMS
  ruby

DEPENDENCIES
  dotenv
  faraday
  pixela
  rspec

BUNDLED WITH
   2.1.4
